GEM
  remote: https://rubygems.org/
  specs:
    aws-eventstream (1.3.0)
    aws-partitions (1.1042.0)
    aws-sdk-core (3.216.1)
      aws-eventstream (~> 1, >= 1.3.0)
      aws-partitions (~> 1, >= 1.992.0)
      aws-sigv4 (~> 1.9)
      jmespath (~> 1, >= 1.6.1)
    aws-sdk-kms (1.97.0)
      aws-sdk-core (~> 3, >= 3.216.0)
      aws-sigv4 (~> 1.5)
    aws-sdk-s3 (1.178.0)
      aws-sdk-core (~> 3, >= 3.216.0)
      aws-sdk-kms (~> 1)
      aws-sigv4 (~> 1.5)
    aws-sdk-sqs (1.91.0)
      aws-sdk-core (~> 3, >= 3.216.0)
      aws-sigv4 (~> 1.5)
    aws-sigv4 (1.11.0)
      aws-eventstream (~> 1, >= 1.0.2)
    base64 (0.2.0)
    concurrent-ruby (1.3.5)
    cool.io (1.9.0)
    csv (3.3.2)
    drb (2.2.1)
    fluent-plugin-s3 (1.8.2)
      aws-sdk-s3 (~> 1.60)
      aws-sdk-sqs (~> 1.23)
      fluentd (>= 0.14.22, < 2)
    fluentd (1.18.0)
      base64 (~> 0.2)
      bundler
      cool.io (>= 1.4.5, < 2.0.0)
      csv (~> 3.2)
      drb (~> 2.2)
      http_parser.rb (>= 0.5.1, < 0.9.0)
      logger (~> 1.6)
      msgpack (>= 1.3.1, < 2.0.0)
      serverengine (>= 2.3.2, < 3.0.0)
      sigdump (~> 0.2.5)
      strptime (>= 0.2.4, < 1.0.0)
      tzinfo (>= 1.0, < 3.0)
      tzinfo-data (~> 1.0)
      webrick (~> 1.4)
      yajl-ruby (~> 1.0)
    http_parser.rb (0.8.0)
    jmespath (1.6.2)
    logger (1.6.5)
    msgpack (1.7.5)
    serverengine (2.4.0)
      base64 (~> 0.1)
      logger (~> 1.4)
      sigdump (~> 0.2.2)
    sigdump (0.2.5)
    strptime (0.2.5)
    tzinfo (2.0.6)
      concurrent-ruby (~> 1.0)
    tzinfo-data (1.2025.1)
      tzinfo (>= 1.0.0)
    webrick (1.9.1)
    yajl-ruby (1.4.3)

PLATFORMS
  arm64-darwin-23
  ruby

DEPENDENCIES
  fluent-plugin-s3 (= 1.8.2)

BUNDLED WITH
   2.5.6
